GEM
  remote: http://rubygems.org/
  specs:
    faraday (0.8.0)
      multipart-post (~> 1.1)
    httpauth (0.1)
    multi_json (1.3.2)
    multipart-post (1.1.5)
    oauth (0.4.5)
    oauth2 (0.7.0)
      faraday (~> 0.8)
      httpauth (~> 0.1)
      multi_json (~> 1.3)
      rack (~> 1.4)
    rack (1.4.1)
    rack-protection (1.2.0)
      rack
    sinatra (1.3.2)
      rack (~> 1.3, >= 1.3.6)
      rack-protection (~> 1.2)
      tilt (~> 1.3, >= 1.3.3)
    tilt (1.3.3)

PLATFORMS
  ruby

DEPENDENCIES
  oauth
  oauth2
  sinatra
